GIT
  remote: https://github.com/welaika/guard-compass.git
  revision: 9b4c6de5ed83fa109de0c409fba1ad36cbd81961
  specs:
    guard-compass (0.0.6)
      compass (>= 0.10.5)
      guard (>= 0.2.1)

GEM
  remote: http://rubygems.org/
  specs:
    addressable (2.2.7)
    bcat (0.6.2)
      rack (~> 1.0)
    chunky_png (1.2.5)
    colorize (0.5.8)
    compass (0.12.1)
      chunky_png (~> 1.2)
      fssm (>= 0.2.7)
      sass (~> 3.1)
    ffi (1.0.11)
    foreman (0.43.0)
      thor (>= 0.13.6)
    fssm (0.2.9)
    git (1.2.5)
    git-smart (0.1.8)
      colorize
    growl (1.0.3)
    guard (1.0.1)
      ffi (>= 0.5.0)
      thor (~> 0.14.6)
    hashr (0.0.21)
    heroku (2.24.1)
      launchy (>= 0.3.2)
      netrc (~> 0.7.1)
      rest-client (~> 1.6.1)
      rubyzip
    hpricot (0.8.6)
    launchy (2.1.0)
      addressable (~> 2.2.6)
    mime-types (1.18)
    mustache (0.99.4)
    netrc (0.7.1)
    rack (1.4.1)
    rb-fsevent (0.9.1)
    rdiscount (1.6.8)
    rest-client (1.6.7)
      mime-types (>= 1.16)
    ronn (0.7.3)
      hpricot (>= 0.8.2)
      mustache (>= 0.7.0)
      rdiscount (>= 1.5.8)
    rubyzip (0.9.7)
    sass (3.1.16)
    thor (0.14.6)
    travis-lint (1.4.0)
      hashr (>= 0.0.19)

PLATFORMS
  ruby

DEPENDENCIES
  bcat
  compass
  foreman
  git
  git-smart
  growl
  guard
  guard-compass!
  heroku
  rb-fsevent
  ronn
  sass
  travis-lint
