GIT
  remote: https://github.com/welaika/guard-compass.git
  revision: 9b4c6de5ed83fa109de0c409fba1ad36cbd81961
  specs:
    guard-compass (0.0.6)
      compass (>= 0.10.5)
      guard (>= 0.2.1)

GEM
  remote: http://rubygems.org/
  specs:
    addressable (2.2.5)
    chunky_png (1.2.0)
    compass (0.11.1)
      chunky_png (~> 1.1)
      fssm (>= 0.2.7)
      sass (~> 3.1)
    configuration (1.2.0)
    em-dir-watcher (0.9.4)
    em-websocket (0.3.0)
      addressable (>= 2.1.1)
      eventmachine (>= 0.12.9)
    eventmachine (0.12.10)
    foreman (0.16.0)
      term-ansicolor (~> 1.0.5)
      thor (>= 0.13.6)
    fssm (0.2.7)
    github (0.6.2)
      highline (~> 1.5.1)
      json_pure (~> 1.5.1)
      launchy (~> 0.3.7)
      text-format (= 1.0.0)
      text-hyphen (= 1.0.0)
    growl (1.0.3)
    guard (0.3.4)
      thor (~> 0.14.6)
    guard-ego (0.0.1)
      guard (>= 0.2.1)
    highline (1.5.2)
    json_pure (1.5.1)
    launchy (0.3.7)
      configuration (>= 0.0.5)
      rake (>= 0.8.1)
    livereload (1.6)
      em-dir-watcher (>= 0.1)
      em-websocket (>= 0.1.2)
      ruby-json (>= 1.1.2)
    rake (0.8.7)
    rb-appscript (0.6.1)
    rb-fsevent (0.4.0)
    ruby-json (1.1.2)
    sass (3.1.1)
    term-ansicolor (1.0.5)
    terminitor (0.5.2)
      github (~> 0.6.2)
      rb-appscript (~> 0.6.1)
      thor (~> 0.14.0)
    text-format (1.0.0)
      text-hyphen (~> 1.0.0)
    text-hyphen (1.0.0)
    thor (0.14.6)

PLATFORMS
  ruby

DEPENDENCIES
  compass
  foreman
  growl
  guard
  guard-compass!
  guard-ego
  livereload
  rb-fsevent
  sass
  terminitor
