GEM
  remote: http://rubygems.org/
  specs:
    addressable (2.2.7)
    bcat (0.6.2)
      rack (~> 1.0)
    chunky_png (1.2.7)
    colorize (0.5.8)
    compass (0.12.2)
      chunky_png (~> 1.2)
      fssm (>= 0.2.7)
      sass (~> 3.1)
    em-websocket (0.4.0)
      eventmachine (>= 0.12.9)
      http_parser.rb (~> 0.5.3)
    eventmachine (1.0.0)
    ffi (1.0.11)
    foreman (0.43.0)
      thor (>= 0.13.6)
    fssm (0.2.9)
    git (1.2.5)
    git-smart (0.1.8)
      colorize
    growl (1.0.3)
    guard (1.0.1)
      ffi (>= 0.5.0)
      thor (~> 0.14.6)
    guard-compass (0.0.6)
      compass (>= 0.10.5)
      guard (>= 0.2.1)
    guard-livereload (0.4.2)
      em-websocket (>= 0.2.0)
      guard (>= 0.10.0)
      multi_json (~> 1.0)
    hashr (0.0.21)
    heroku (2.24.1)
      launchy (>= 0.3.2)
      netrc (~> 0.7.1)
      rest-client (~> 1.6.1)
      rubyzip
    hpricot (0.8.6)
    http_parser.rb (0.5.3)
    launchy (2.1.0)
      addressable (~> 2.2.6)
    mime-types (1.18)
    multi_json (1.5.0)
    mustache (0.99.4)
    netrc (0.7.1)
    omglog (0.0.7)
      rb-fsevent (~> 0.9.0)
      rb-inotify (~> 0.8.8)
    rack (1.4.1)
    rb-fsevent (0.9.1)
    rb-inotify (0.8.8)
      ffi (>= 0.5.0)
    rdiscount (1.6.8)
    rest-client (1.6.7)
      mime-types (>= 1.16)
    ronn (0.7.3)
      hpricot (>= 0.8.2)
      mustache (>= 0.7.0)
      rdiscount (>= 1.5.8)
    rubyzip (0.9.7)
    sass (3.2.5)
    thor (0.14.6)
    travis-lint (1.4.0)
      hashr (>= 0.0.19)
    yajl-ruby (1.1.0)

PLATFORMS
  ruby

DEPENDENCIES
  bcat
  compass
  foreman
  git
  git-smart
  growl
  guard
  guard-compass
  guard-livereload
  heroku
  omglog
  rb-fsevent
  rb-inotify
  ronn
  sass
  travis-lint
  yajl-ruby
